GEM
  remote: https://rubygems.org/
  specs:
    rack (3.1.8)
    webrick (1.9.1)

PLATFORMS
  arm64-darwin-22

DEPENDENCIES
  rack
  webrick

BUNDLED WITH
   2.4.1
